PATH
  remote: .
  specs:
    ultimate-flash (0.7.1)
      ultimate-base (~> 0.3.3)

GEM
  remote: http://rubygems.org/
  specs:
    ultimate-base (0.3.3)

PLATFORMS
  ruby

DEPENDENCIES
  ultimate-flash!
