PATH
  remote: .
  specs:
    ultimate-flash (0.7.0)
      ultimate-base (~> 0.3.2)

GEM
  remote: http://rubygems.org/
  specs:
    ultimate-base (0.3.2)

PLATFORMS
  ruby

DEPENDENCIES
  ultimate-flash!
