PATH
  remote: .
  specs:
    ultimate-flash (0.6.1.1)
      ultimate-base (~> 0.3.1)

GEM
  remote: http://rubygems.org/
  specs:
    ultimate-base (0.3.1.1)

PLATFORMS
  ruby

DEPENDENCIES
  ultimate-flash!
