PATH
  remote: .
  specs:
    ultimate-flash (0.6.0)
      ultimate-base (~> 0.2)

GEM
  remote: http://rubygems.org/
  specs:
    ultimate-base (0.2.4)

PLATFORMS
  ruby

DEPENDENCIES
  ultimate-flash!
